GEM
  remote: https://rubygems.org/
  specs:
    byebug (11.1.3)
    dotenv (2.7.6)

PLATFORMS
  ruby

DEPENDENCIES
  byebug
  dotenv

BUNDLED WITH
   2.1.4
